GEM
  remote: https://rubygems.org/
  specs:
    aws-sdk (2.6.50)
      aws-sdk-resources (= 2.6.50)
    aws-sdk-core (2.6.50)
      aws-sigv4 (~> 1.0)
      jmespath (~> 1.0)
    aws-sdk-resources (2.6.50)
      aws-sdk-core (= 2.6.50)
    aws-sigv4 (1.0.2)
    jmespath (1.3.1)
    pg (0.21.0-x64-mingw32)
    rack (1.6.8)
    rack-protection (1.5.3)
      rack
    sinatra (1.4.8)
      rack (~> 1.5)
      rack-protection (~> 1.4)
      tilt (>= 1.3, < 3)
    tilt (2.0.8)

PLATFORMS
  x64-mingw32

DEPENDENCIES
  aws-sdk (~> 2.6.11)
  pg
  sinatra (~> 1.4.0)

RUBY VERSION
   ruby 2.4.1p111

BUNDLED WITH
   1.15.4
